GEM
  remote: https://rubygems.org/
  specs:
    colorize (0.8.1)
    google-protobuf (3.25.6)
    googleapis-common-protos-types (1.19.0)
      google-protobuf (>= 3.18, < 5.a)
    grpc (1.71.0)
      google-protobuf (>= 3.25, < 5.0)
      googleapis-common-protos-types (~> 1.0)
    grpc (1.71.0-arm64-darwin)
      google-protobuf (>= 3.25, < 5.0)
      googleapis-common-protos-types (~> 1.0)
    grpc-tools (1.71.0)

PLATFORMS
  arm64-darwin-23
  ruby

DEPENDENCIES
  colorize (~> 0.8.1)
  google-protobuf (~> 3.21)
  grpc (~> 1.50)
  grpc-tools (~> 1.50)

BUNDLED WITH
   2.6.3
