PATH
  remote: .
  specs:
    itsi (0.1.0)
      itsi-scheduler (~> 0.1)
      itsi-server (~> 0.1)

PATH
  remote: gems/scheduler
  specs:
    itsi-scheduler (0.1.0)
      libclang (~> 14.0)
      rb_sys (~> 0.9.91)

PATH
  remote: gems/server
  specs:
    itsi-server (0.1.1)
      libclang (~> 14.0)
      rack (~> 2)
      rb_sys (~> 0.9.91)

GEM
  remote: https://rubygems.org/
  specs:
    ast (2.4.2)
    backport (1.2.0)
    benchmark (0.4.0)
    date (3.4.1)
    debug (1.10.0)
      irb (~> 1.10)
      reline (>= 0.3.8)
    diff-lcs (1.6.0)
    io-console (0.8.0)
    irb (1.15.1)
      pp (>= 0.6.0)
      rdoc (>= 4.0.0)
      reline (>= 0.4.2)
    jaro_winkler (1.6.0)
    json (2.10.1)
    kramdown (2.5.1)
      rexml (>= 3.3.9)
    kramdown-parser-gfm (1.1.0)
      kramdown (~> 2.0)
    language_server-protocol (3.17.0.4)
    libclang (14.0.6-aarch64-linux)
    libclang (14.0.6-arm64-darwin)
    libclang (14.0.6-x86_64-darwin)
    libclang (14.0.6-x86_64-linux)
    libclang (14.0.6-x86_64-linux-musl)
    lint_roller (1.1.0)
    logger (1.6.6)
    minitest (5.25.4)
    nokogiri (1.18.3-aarch64-linux-gnu)
      racc (~> 1.4)
    nokogiri (1.18.3-aarch64-linux-musl)
      racc (~> 1.4)
    nokogiri (1.18.3-arm-linux-gnu)
      racc (~> 1.4)
    nokogiri (1.18.3-arm-linux-musl)
      racc (~> 1.4)
    nokogiri (1.18.3-arm64-darwin)
      racc (~> 1.4)
    nokogiri (1.18.3-x86_64-darwin)
      racc (~> 1.4)
    nokogiri (1.18.3-x86_64-linux-gnu)
      racc (~> 1.4)
    nokogiri (1.18.3-x86_64-linux-musl)
      racc (~> 1.4)
    observer (0.1.2)
    ostruct (0.6.1)
    parallel (1.26.3)
    parser (3.3.7.1)
      ast (~> 2.4.1)
      racc
    pp (0.6.2)
      prettyprint
    prettyprint (0.2.0)
    prism (1.3.0)
    psych (5.2.3)
      date
      stringio
    racc (1.8.1)
    rack (2.2.11)
    rainbow (3.1.1)
    rake (13.2.1)
    rake-compiler (1.2.9)
      rake
    rake-compiler-dock (1.9.1)
    rb_sys (0.9.110)
      rake-compiler-dock (= 1.9.1)
    rbs (3.8.1)
      logger
    rdoc (6.12.0)
      psych (>= 4.0.0)
    regexp_parser (2.10.0)
    reline (0.6.0)
      io-console (~> 0.5)
    reverse_markdown (3.0.0)
      nokogiri
    rexml (3.4.1)
    rubocop (1.73.1)
      json (~> 2.3)
      language_server-protocol (~> 3.17.0.2)
      lint_roller (~> 1.1.0)
      parallel (~> 1.10)
      parser (>= 3.3.0.2)
      rainbow (>= 2.2.2, < 4.0)
      regexp_parser (>= 2.9.3, < 3.0)
      rubocop-ast (>= 1.38.0, < 2.0)
      ruby-progressbar (~> 1.7)
      unicode-display_width (>= 2.4.0, < 4.0)
    rubocop-ast (1.38.1)
      parser (>= 3.3.1.0)
    ruby-lsp (0.23.11)
      language_server-protocol (~> 3.17.0)
      prism (>= 1.2, < 2.0)
      rbs (>= 3, < 4)
      sorbet-runtime (>= 0.5.10782)
    ruby-progressbar (1.13.0)
    solargraph (0.51.2)
      backport (~> 1.2)
      benchmark
      bundler (~> 2.0)
      diff-lcs (~> 1.4)
      jaro_winkler (~> 1.6)
      kramdown (~> 2.3)
      kramdown-parser-gfm (~> 1.1)
      logger (~> 1.6)
      observer (~> 0.1)
      ostruct (~> 0.6)
      parser (~> 3.0)
      rbs (~> 3.0)
      reverse_markdown (>= 2.0, < 4)
      rubocop (~> 1.38)
      thor (~> 1.0)
      tilt (~> 2.0)
      yard (~> 0.9, >= 0.9.24)
    sorbet-runtime (0.5.11865)
    stringio (3.1.5)
    thor (1.3.2)
    tilt (2.6.0)
    unicode-display_width (3.1.4)
      unicode-emoji (~> 4.0, >= 4.0.4)
    unicode-emoji (4.0.4)
    yard (0.9.37)

PLATFORMS
  aarch64-linux-gnu
  aarch64-linux-musl
  arm-linux-gnu
  arm-linux-musl
  arm64-darwin
  x86_64-darwin
  x86_64-linux-gnu
  x86_64-linux-musl

DEPENDENCIES
  bundler
  debug
  irb
  itsi!
  itsi-scheduler!
  itsi-server!
  minitest (~> 5.16)
  rake (~> 13.0)
  rake-compiler
  rubocop (~> 1.21)
  ruby-lsp
  solargraph

BUNDLED WITH
   2.6.3
