PATH
  remote: ../../gems/scheduler
  specs:
    itsi-scheduler (0.1.0)
      libclang (~> 14.0)
      rb_sys (~> 0.9.91)

PATH
  remote: ../../gems/server
  specs:
    itsi-server (0.1.1)
      libclang (~> 14.0)
      rack (~> 2.2)
      rb_sys (~> 0.9.91)

GEM
  remote: https://rubygems.org/
  specs:
    agoo (2.15.13)
    async (2.23.1)
      console (~> 1.29)
      fiber-annotation
      io-event (~> 1.9)
      metrics (~> 0.12)
      traces (~> 0.15)
    async-container (0.24.0)
      async (~> 2.22)
    async-container-supervisor (0.5.1)
      async-container (~> 0.22)
      async-service
      io-endpoint
      memory-leak (~> 0.5)
    async-http (0.87.0)
      async (>= 2.10.2)
      async-pool (~> 0.9)
      io-endpoint (~> 0.14)
      io-stream (~> 0.6)
      metrics (~> 0.12)
      protocol-http (~> 0.49)
      protocol-http1 (~> 0.30)
      protocol-http2 (~> 0.22)
      traces (~> 0.10)
    async-http-cache (0.4.5)
      async-http (~> 0.56)
    async-pool (0.10.3)
      async (>= 1.25)
    async-service (0.13.0)
      async
      async-container (~> 0.16)
    console (1.30.2)
      fiber-annotation
      fiber-local (~> 1.1)
      json
    falcon (0.51.1)
      async
      async-container (~> 0.20)
      async-container-supervisor (~> 0.5.0)
      async-http (~> 0.75)
      async-http-cache (~> 0.4)
      async-service (~> 0.10)
      bundler
      localhost (~> 1.1)
      openssl (~> 3.0)
      protocol-http (~> 0.31)
      protocol-rack (~> 0.7)
      samovar (~> 2.3)
    fiber-annotation (0.2.0)
    fiber-local (1.1.0)
      fiber-storage
    fiber-storage (1.0.0)
    io-endpoint (0.15.2)
    io-event (1.10.0)
    io-stream (0.6.1)
    iodine (0.7.58)
    json (2.10.2)
    kgio (2.11.4)
    libclang (14.0.6-aarch64-linux)
    libclang (14.0.6-arm64-darwin)
    libclang (14.0.6-x86_64-darwin)
    libclang (14.0.6-x86_64-linux)
    libclang (14.0.6-x86_64-linux-musl)
    localhost (1.3.1)
    mapping (1.1.1)
    memory-leak (0.5.2)
    metrics (0.12.2)
    nio4r (2.7.4)
    openssl (3.3.0)
    passenger (6.0.23)
      rack (>= 1.6.13)
      rackup
      rake (>= 12.3.3)
    protocol-hpack (1.5.1)
    protocol-http (0.49.0)
    protocol-http1 (0.30.0)
      protocol-http (~> 0.22)
    protocol-http2 (0.22.1)
      protocol-hpack (~> 1.4)
      protocol-http (~> 0.47)
    protocol-rack (0.11.2)
      protocol-http (~> 0.43)
      rack (>= 1.0)
    puma (6.6.0)
      nio4r (~> 2.0)
    rack (2.2.13)
    rackup (1.0.1)
      rack (< 3)
      webrick
    raindrops (0.20.1)
    rake (13.2.1)
    rake-compiler-dock (1.9.1)
    rb_sys (0.9.111)
      rake-compiler-dock (= 1.9.1)
    samovar (2.3.0)
      console (~> 1.0)
      mapping (~> 1.0)
    traces (0.15.2)
    unicorn (6.1.0)
      kgio (~> 2.6)
      raindrops (~> 0.7)
    webrick (1.9.1)

PLATFORMS
  aarch64-linux
  arm64-darwin
  x86_64-darwin
  x86_64-linux
  x86_64-linux-musl

DEPENDENCIES
  agoo
  falcon
  iodine
  itsi-scheduler!
  itsi-server!
  passenger
  puma
  unicorn

BUNDLED WITH
   2.6.3
