PATH
  remote: ../../gems/scheduler
  specs:
    itsi-scheduler (0.1.0)
      libclang (~> 14.0)
      rb_sys (~> 0.9.91)

PATH
  remote: ../../gems/server
  specs:
    itsi-server (0.1.1)
      libclang (~> 14.0)
      rack (~> 2.2)
      rb_sys (~> 0.9.91)

GEM
  remote: https://rubygems.org/
  specs:
    base64 (0.2.0)
    date (3.4.1)
    debug (1.10.0)
      irb (~> 1.10)
      reline (>= 0.3.8)
    io-console (0.8.0)
    irb (1.15.1)
      pp (>= 0.6.0)
      rdoc (>= 4.0.0)
      reline (>= 0.4.2)
    libclang (14.0.6-aarch64-linux)
    libclang (14.0.6-arm64-darwin)
    libclang (14.0.6-x86_64-darwin)
    libclang (14.0.6-x86_64-linux)
    libclang (14.0.6-x86_64-linux-musl)
    mustermann (3.0.3)
      ruby2_keywords (~> 0.0.1)
    pp (0.6.2)
      prettyprint
    prettyprint (0.2.0)
    psych (5.2.3)
      date
      stringio
    rack (2.2.13)
    rack-protection (3.2.0)
      base64 (>= 0.1.0)
      rack (~> 2.2, >= 2.2.4)
    rackup (1.0.1)
      rack (< 3)
      webrick
    rake-compiler-dock (1.9.1)
    rb_sys (0.9.111)
      rake-compiler-dock (= 1.9.1)
    rdoc (6.12.0)
      psych (>= 4.0.0)
    reline (0.6.0)
      io-console (~> 0.5)
    ruby2_keywords (0.0.5)
    sinatra (3.2.0)
      mustermann (~> 3.0)
      rack (~> 2.2, >= 2.2.4)
      rack-protection (= 3.2.0)
      tilt (~> 2.0)
    stringio (3.1.5)
    tilt (2.6.0)
    webrick (1.9.1)

PLATFORMS
  aarch64-linux
  arm64-darwin
  x86_64-darwin
  x86_64-linux
  x86_64-linux-musl

DEPENDENCIES
  debug
  itsi-scheduler!
  itsi-server!
  rackup
  sinatra

BUNDLED WITH
   2.6.3
