PATH
  remote: ../../gems/scheduler
  specs:
    itsi-scheduler (0.1.11)
      rb_sys (~> 0.9.91)

PATH
  remote: ../../gems/server
  specs:
    itsi-server (0.1.11)
      etc
      rack (>= 1.6)
      rb_sys (~> 0.9.91)

GEM
  remote: https://rubygems.org/
  specs:
    date (3.4.1)
    debug (1.10.0)
      irb (~> 1.10)
      reline (>= 0.3.8)
    etc (1.4.5)
    io-console (0.8.0)
    irb (1.15.1)
      pp (>= 0.6.0)
      rdoc (>= 4.0.0)
      reline (>= 0.4.2)
    pp (0.6.2)
      prettyprint
    prettyprint (0.2.0)
    psych (5.2.3)
      date
      stringio
    rack (3.1.12)
    rake-compiler-dock (1.9.1)
    rb_sys (0.9.111)
      rake-compiler-dock (= 1.9.1)
    rdoc (6.12.0)
      psych (>= 4.0.0)
    reline (0.6.0)
      io-console (~> 0.5)
    stringio (3.1.5)

PLATFORMS
  arm64-darwin-23
  ruby

DEPENDENCIES
  debug
  itsi-scheduler!
  itsi-server!

BUNDLED WITH
   2.6.3
